GEM
  remote: https://rubygems.org/
  specs:
    autoprefixer-rails (9.7.4)
      execjs
    better_errors (2.5.1)
      coderay (>= 1.0.0)
      erubi (>= 1.0.0)
      rack (>= 0.9.0)
    bootstrap-sass (3.4.1)
      autoprefixer-rails (>= 5.2.1)
      sassc (>= 2.0.0)
    coderay (1.1.2)
    erubi (1.9.0)
    execjs (2.7.0)
    ffi (1.12.2)
    json (2.3.0)
    mustermann (1.1.1)
      ruby2_keywords (~> 0.0.1)
    nio4r (2.5.2)
    puma (4.3.3)
      nio4r (~> 2.0)
    rack (2.1.2)
    rack-protection (2.0.8.1)
      rack
    rack-test (1.1.0)
      rack (>= 1.0, < 3)
    ruby2_keywords (0.0.2)
    sassc (2.2.1)
      ffi (~> 1.9)
    sinatra (2.0.8.1)
      mustermann (~> 1.0)
      rack (~> 2.0)
      rack-protection (= 2.0.8.1)
      tilt (~> 2.0)
    tilt (2.0.10)

PLATFORMS
  ruby

DEPENDENCIES
  better_errors
  bootstrap-sass (~> 3.4.1)
  json
  puma (>= 4.3.3)
  rack-test
  sinatra

BUNDLED WITH
   1.17.2
